GEM
  remote: http://rubygems.org/
  specs:
    json (1.7.3)
    redis (2.2.2)

PLATFORMS
  ruby

DEPENDENCIES
  json
  redis
